PATH
  remote: .
  specs:
    rdf-ldp (0.0.1)
      rdf

GEM
  remote: https://rubygems.org/
  specs:
    rake (10.3.2)
    rdf (1.1.6)

PLATFORMS
  ruby

DEPENDENCIES
  bundler (~> 1.6)
  rake (~> 10.0)
  rdf-ldp!
